PATH
  remote: .
  specs:
    jschematic (0.0.9)
      addressable

GEM
  remote: http://rubygems.org/
  specs:
    addressable (2.2.4)
    builder (3.0.0)
    cucumber (0.10.0)
      builder (>= 2.1.2)
      diff-lcs (~> 1.1.2)
      gherkin (~> 2.3.2)
      json (~> 1.4.6)
      term-ansicolor (~> 1.0.5)
    diff-lcs (1.1.3)
    gherkin (2.3.3)
      json (~> 1.4.6)
    json (1.4.6)
    rspec (2.11.0)
      rspec-core (~> 2.11.0)
      rspec-expectations (~> 2.11.0)
      rspec-mocks (~> 2.11.0)
    rspec-core (2.11.1)
    rspec-expectations (2.11.2)
      diff-lcs (~> 1.1.3)
    rspec-mocks (2.11.1)
    term-ansicolor (1.0.5)
    yajl-ruby (1.1.0)

PLATFORMS
  ruby

DEPENDENCIES
  cucumber
  jschematic!
  rspec
  yajl-ruby
